GEM
  remote: https://rubygems.org/
  specs:
    byebug (10.0.2)
    geocoder (1.6.2)
    redis (4.1.3)
    rgeo (2.1.1)
    rgeo-geojson (2.1.1)
      rgeo (>= 1.0.0)

PLATFORMS
  ruby

DEPENDENCIES
  byebug
  geocoder
  redis
  rgeo
  rgeo-geojson

BUNDLED WITH
   2.1.4
